PATH
  remote: .
  specs:
    trusted-sandbox (0.1.6)
      docker-api (~> 2.2.0)
      thor (~> 1.3.0)

GEM
  remote: https://rubygems.org/
  specs:
    diff-lcs (1.2.5)
    docker-api (2.2.0)
      excon (>= 0.47.0)
      multi_json
    excon (0.104.0)
    multi_json (1.15.0)
    rake (10.1.0)
    rr (1.1.2)
    rspec (3.1.0)
      rspec-core (~> 3.1.0)
      rspec-expectations (~> 3.1.0)
      rspec-mocks (~> 3.1.0)
    rspec-core (3.1.7)
      rspec-support (~> 3.1.0)
    rspec-expectations (3.1.2)
      diff-lcs (>= 1.2.0, < 2.0)
      rspec-support (~> 3.1.0)
    rspec-mocks (3.1.3)
      rspec-support (~> 3.1.0)
    rspec-support (3.1.2)
    thor (1.3.0)

PLATFORMS
  ruby

DEPENDENCIES
  bundler (~> 2.1.4)
  rake
  rr
  rspec
  trusted-sandbox!

BUNDLED WITH
   2.1.4
